GEM
  specs:
    lolspeak (1.0.0)

PLATFORMS
  ruby

DEPENDENCIES
  lolspeak
